PATH
  remote: .
  specs:
    faraday-http_error (0.0.2)
      faraday (~> 0.9)
      faraday_middleware (~> 0.9)

GEM
  remote: https://rubygems.org/
  specs:
    diff-lcs (1.2.5)
    faraday (0.9.2)
      multipart-post (>= 1.2, < 3)
    faraday_middleware (0.10.0)
      faraday (>= 0.7.4, < 0.10)
    multipart-post (2.0.0)
    rake (11.2.2)
    rspec (2.99.0)
      rspec-core (~> 2.99.0)
      rspec-expectations (~> 2.99.0)
      rspec-mocks (~> 2.99.0)
    rspec-core (2.99.2)
    rspec-expectations (2.99.2)
      diff-lcs (>= 1.1.3, < 2.0)
    rspec-mocks (2.99.4)

PLATFORMS
  ruby

DEPENDENCIES
  bundler (~> 1.6)
  faraday-http_error!
  rake
  rspec (~> 2.14)

BUNDLED WITH
   1.11.2
